GEM
  remote: https://rubygems.org/
  specs:
    backports (3.18.2)
    multi_json (1.15.0)
    mustermann (1.1.1)
      ruby2_keywords (~> 0.0.1)
    nio4r (2.5.2)
    oj (3.10.14)
    pg (1.2.3)
    puma (4.3.5)
      nio4r (~> 2.0)
    rack (2.2.3)
    rack-protection (2.0.8.1)
      rack
    rack-unreloader (1.7.0)
    refrigerator (1.2.0)
    ruby2_keywords (0.0.2)
    sequel (5.36.0)
    sequel-annotate (1.5.0)
      sequel (>= 4)
    sequel_pg (1.13.0)
      pg (>= 0.18.0, != 1.2.0)
      sequel (>= 4.38.0)
    sequel_tools (0.1.7)
      sequel
    sinatra (2.0.8.1)
      mustermann (~> 1.0)
      rack (~> 2.0)
      rack-protection (= 2.0.8.1)
      tilt (~> 2.0)
    sinatra-contrib (2.0.8.1)
      backports (>= 2.8.2)
      multi_json
      mustermann (~> 1.0)
      rack-protection (= 2.0.8.1)
      sinatra (= 2.0.8.1)
      tilt (~> 2.0)
    tilt (2.0.10)

PLATFORMS
  ruby

DEPENDENCIES
  oj (~> 3.10)
  puma (~> 4.3)
  rack-unreloader
  refrigerator (>= 1)
  sequel (>= 5)
  sequel-annotate
  sequel_pg (>= 1.8)
  sequel_tools (>= 0.1.7)
  sinatra (~> 2.0)
  sinatra-contrib (~> 2.0)

BUNDLED WITH
   2.1.4
