GEM
  remote: https://rubygems.org/
  specs:
    mysql2 (0.5.3)
    nio4r (2.5.2)
    puma (4.3.5)
      nio4r (~> 2.0)
    rack (2.2.3)
    rack-unreloader (1.7.0)
    refrigerator (1.2.0)
    roda (3.35.0)
      rack
    sequel (5.36.0)
    sequel-annotate (1.5.0)
      sequel (>= 4)
    sequel_tools (0.1.7)
      sequel

PLATFORMS
  ruby

DEPENDENCIES
  mysql2 (~> 0.5.3)
  puma (~> 4.3)
  rack-unreloader
  refrigerator (>= 1)
  roda (>= 3.19)
  sequel (>= 5.36)
  sequel-annotate
  sequel_tools (>= 0.1.7)

BUNDLED WITH
   2.1.4
