GEM
  remote: https://rubygems.org/
  specs:
    iodine (0.7.42)
    pg (1.2.3)
    rack (2.2.3)
    rack-unreloader (1.7.0)
    refrigerator (1.2.0)
    roda (3.35.0)
      rack
    sequel (5.36.0)
    sequel-annotate (1.5.0)
      sequel (>= 4)
    sequel_pg (1.13.0)
      pg (>= 0.18.0, != 1.2.0)
      sequel (>= 4.38.0)
    sequel_tools (0.1.7)
      sequel

PLATFORMS
  ruby

DEPENDENCIES
  iodine (~> 0.7.42)
  rack-unreloader
  refrigerator (>= 1)
  roda (>= 3.19)
  sequel (>= 5)
  sequel-annotate
  sequel_pg (>= 1.8)
  sequel_tools (>= 0.1.7)

BUNDLED WITH
   2.1.4
